GEM
  remote: https://rubygems.org/
  specs:
    airbrussh (1.4.1)
      sshkit (>= 1.6.1, != 1.7.0)
    capistrano (3.17.3)
      airbrussh (>= 1.0.0)
      i18n
      rake (>= 10.0.0)
      sshkit (>= 1.9.0)
    capistrano-composer (0.0.6)
      capistrano (>= 3.0.0.pre)
    capistrano-file-permissions (1.0.0)
      capistrano (~> 3.0)
    capistrano-symfony (1.0.0)
      capistrano (~> 3.1)
      capistrano-composer (~> 0.0.3)
      capistrano-file-permissions (~> 1.0)
    concurrent-ruby (1.2.2)
    i18n (1.14.1)
      concurrent-ruby (~> 1.0)
    net-scp (4.0.0)
      net-ssh (>= 2.6.5, < 8.0.0)
    net-ssh (7.1.0)
    rake (13.0.6)
    sshkit (1.21.5)
      net-scp (>= 1.1.2)
      net-ssh (>= 2.8.0)

PLATFORMS
  arm64-darwin-21

DEPENDENCIES
  capistrano (~> 3.4)
  capistrano-symfony (~> 1.0.0.rc1)

BUNDLED WITH
   2.2.15
